GEM
  remote: http://rubygems.org/
  specs:
    colored (1.2)
    metaclass (0.0.1)
    mocha (0.10.0)
      metaclass (~> 0.0.1)
    parallel (0.5.9)

PLATFORMS
  java
  ruby

DEPENDENCIES
  colored
  mocha
  parallel
